GEM
  specs:
    sqlite3 (1.3.6)

PLATFORMS
  ruby

DEPENDENCIES
  sqlite3
